GIT
  remote: https://github.com/foca/cuba.git
  revision: 89a59e25cea837f8efca3876e1e888c62632ca7e
  specs:
    cuba (2.0.0.rc3)
      rack (~> 1.2)
      tilt (~> 1.2)

GEM
  remote: http://rubygems.org/
  specs:
    archive-tar-minitar (0.5.2)
    capybara (0.4.0)
      celerity (>= 0.7.9)
      culerity (>= 0.2.4)
      mime-types (>= 1.16)
      nokogiri (>= 1.3.3)
      rack (>= 1.0.0)
      rack-test (>= 0.5.4)
      selenium-webdriver (>= 0.0.27)
      xpath (~> 0.1.2)
    celerity (0.8.6)
    childprocess (0.1.7)
      ffi (~> 0.6.3)
    clogger (0.9.0)
      rack (> 0.9)
    columnize (0.3.2)
    culerity (0.2.15)
    cutest (1.0.1)
    ffi (0.6.3)
      rake (>= 0.8.7)
    json_pure (1.5.1)
    linecache19 (0.5.11)
      ruby_core_source (>= 0.1.4)
    mime-types (1.16)
    nokogiri (1.4.4)
    rack (1.2.2)
    rack-test (0.5.7)
      rack (>= 1.0)
    rake (0.8.7)
    ruby-debug-base19 (0.11.24)
      columnize (>= 0.3.1)
      linecache19 (>= 0.5.11)
      ruby_core_source (>= 0.1.4)
    ruby-debug19 (0.11.6)
      columnize (>= 0.3.1)
      linecache19 (>= 0.5.11)
      ruby-debug-base19 (>= 0.11.19)
    ruby_core_source (0.1.4)
      archive-tar-minitar (>= 0.5.2)
    rubyzip (0.9.4)
    selenium-webdriver (0.1.3)
      childprocess (~> 0.1.5)
      ffi (~> 0.6.3)
      json_pure
      rubyzip
    text (0.2.0)
    tilt (1.2.2)
    xpath (0.1.2)
      nokogiri (~> 1.3)

PLATFORMS
  ruby

DEPENDENCIES
  capybara
  clogger
  cuba!
  cutest
  ruby-debug19
  text
